PATH
  remote: .
  specs:
    setec_astronomy (0.3.0)
      clipboard (~> 0.9)
      fast-aes (~> 0.1)
      highline (~> 1.6)
      thor (~> 0.14)

GEM
  remote: http://rubygems.org/
  specs:
    clipboard (0.9.9)
    diff-lcs (1.1.3)
    fast-aes (0.1.2)
    highline (1.7.8)
    rake (11.2.2)
    rspec (2.6.0)
      rspec-core (~> 2.6.0)
      rspec-expectations (~> 2.6.0)
      rspec-mocks (~> 2.6.0)
    rspec-core (2.6.4)
    rspec-expectations (2.6.0)
      diff-lcs (~> 1.1.2)
    rspec-mocks (2.6.0)
    thor (0.19.1)

PLATFORMS
  ruby

DEPENDENCIES
  rake
  rspec (= 2.6.0)
  setec_astronomy!

BUNDLED WITH
   1.12.5
